GEM
  remote: https://rubygems.org/
  specs:
    actionmailer (4.1.5)
      actionpack (= 4.1.5)
      actionview (= 4.1.5)
      mail (~> 2.5.4)
    actionpack (4.1.5)
      actionview (= 4.1.5)
      activesupport (= 4.1.5)
      rack (~> 1.5.2)
      rack-test (~> 0.6.2)
    actionview (4.1.5)
      activesupport (= 4.1.5)
      builder (~> 3.1)
      erubis (~> 2.7.0)
    activemodel (4.1.5)
      activesupport (= 4.1.5)
      builder (~> 3.1)
    activerecord (4.1.5)
      activemodel (= 4.1.5)
      activesupport (= 4.1.5)
      arel (~> 5.0.0)
    activesupport (4.1.5)
      i18n (~> 0.6, >= 0.6.9)
      json (~> 1.7, >= 1.7.7)
      minitest (~> 5.1)
      thread_safe (~> 0.1)
      tzinfo (~> 1.1)
    arel (5.0.1.20140414130214)
    builder (3.2.2)
    capistrano (2.15.5)
      highline
      net-scp (>= 1.0.0)
      net-sftp (>= 2.0.0)
      net-ssh (>= 2.0.14)
      net-ssh-gateway (>= 1.1.0)
    carrierwave (0.10.0)
      activemodel (>= 3.2.0)
      activesupport (>= 3.2.0)
      json (>= 1.7)
      mime-types (>= 1.16)
    chronic (0.10.2)
    coffee-rails (4.0.1)
      coffee-script (>= 2.2.0)
      railties (>= 4.0.0, < 5.0)
    coffee-script (2.3.0)
      coffee-script-source
      execjs
    coffee-script-source (1.8.0)
    commonjs (0.2.7)
    daemons (1.1.9)
    erubis (2.7.0)
    eventmachine (1.0.3)
    execjs (2.2.1)
    haml (4.0.5)
      tilt
    haml-rails (0.5.3)
      actionpack (>= 4.0.1)
      activesupport (>= 4.0.1)
      haml (>= 3.1, < 5.0)
      railties (>= 4.0.1)
    highcharts-rails (4.0.1)
      railties (>= 3.1)
    highline (1.6.21)
    hike (1.2.3)
    i18n (0.6.11)
    jquery-rails (3.1.1)
      railties (>= 3.0, < 5.0)
      thor (>= 0.14, < 2.0)
    json (1.8.1)
    less (2.5.1)
      commonjs (~> 0.2.7)
    less-rails (2.5.0)
      actionpack (>= 3.1)
      less (~> 2.5.0)
    libv8 (3.16.14.3)
    mail (2.5.4)
      mime-types (~> 1.16)
      treetop (~> 1.4.8)
    mime-types (1.25.1)
    mini_magick (3.8.0)
      subexec (~> 0.2.1)
    minitest (5.4.1)
    multi_json (1.10.1)
    mysql2 (0.3.16)
    nested_form (0.3.2)
    net-scp (1.2.1)
      net-ssh (>= 2.6.5)
    net-sftp (2.1.2)
      net-ssh (>= 2.6.5)
    net-ssh (2.9.1)
    net-ssh-gateway (1.2.0)
      net-ssh (>= 2.6.5)
    polyglot (0.3.5)
    protected_attributes (1.0.8)
      activemodel (>= 4.0.1, < 5.0)
    rack (1.5.2)
    rack-test (0.6.2)
      rack (>= 1.0)
    rails (4.1.5)
      actionmailer (= 4.1.5)
      actionpack (= 4.1.5)
      actionview (= 4.1.5)
      activemodel (= 4.1.5)
      activerecord (= 4.1.5)
      activesupport (= 4.1.5)
      bundler (>= 1.3.0, < 2.0)
      railties (= 4.1.5)
      sprockets-rails (~> 2.0)
    railties (4.1.5)
      actionpack (= 4.1.5)
      activesupport (= 4.1.5)
      rake (>= 0.8.7)
      thor (>= 0.18.1, < 2.0)
    rake (10.3.2)
    ref (1.0.5)
    rvm-capistrano (1.5.3)
      capistrano (~> 2.15.4)
    sass (3.2.19)
    sass-rails (4.0.3)
      railties (>= 4.0.0, < 5.0)
      sass (~> 3.2.0)
      sprockets (~> 2.8, <= 2.11.0)
      sprockets-rails (~> 2.0)
    sprockets (2.11.0)
      hike (~> 1.2)
      multi_json (~> 1.0)
      rack (~> 1.0)
      tilt (~> 1.1, != 1.3.0)
    sprockets-rails (2.1.3)
      actionpack (>= 3.0)
      activesupport (>= 3.0)
      sprockets (~> 2.8)
    subexec (0.2.3)
    therubyracer (0.12.1)
      libv8 (~> 3.16.14.0)
      ref
    thin (1.6.2)
      daemons (>= 1.0.9)
      eventmachine (>= 1.0.0)
      rack (>= 1.0.0)
    thor (0.19.1)
    thread_safe (0.3.4)
    tilt (1.4.1)
    treetop (1.4.15)
      polyglot
      polyglot
      polyglot
      polyglot
      polyglot
      polyglot
      polyglot
      polyglot
      polyglot
      polyglot
      polyglot
      polyglot
      polyglot
      polyglot
      polyglot
      polyglot
      polyglot
      polyglot (>= 0.3.1)
      polyglot (>= 0.3.1)
      polyglot (>= 0.3.1)
      polyglot (>= 0.3.1)
      polyglot (>= 0.3.1)
      polyglot (>= 0.3.1)
      polyglot (>= 0.3.1)
      polyglot (>= 0.3.1)
      polyglot (>= 0.3.1)
      polyglot (>= 0.3.1)
      polyglot (>= 0.3.1)
      polyglot (>= 0.3.1)
      polyglot (>= 0.3.1)
      polyglot (>= 0.3.1)
      polyglot (>= 0.3.1)
      polyglot (>= 0.3.1)
      polyglot (>= 0.3.1)
      polyglot (>= 0.3.1)
      polyglot (>= 0.3.1)
      polyglot (>= 0.3.1)
      polyglot (>= 0.3.1)
      polyglot (>= 0.3.1)
      polyglot (>= 0.3.1)
      polyglot (>= 0.3.1)
      polyglot (>= 0.3.1)
      polyglot (>= 0.3.1)
      polyglot (>= 0.3.1)
      polyglot (>= 0.3.1)
      polyglot (>= 0.3.1)
      polyglot (>= 0.3.1)
      polyglot (>= 0.3.1)
      polyglot (>= 0.3.1)
      polyglot (>= 0.3.1)
      polyglot (>= 0.3.1)
      polyglot (>= 0.3.1)
      polyglot (>= 0.3.1)
      polyglot (>= 0.3.1)
      polyglot (>= 0.3.1)
      polyglot (>= 0.3.1)
      polyglot (>= 0.3.1)
      polyglot (>= 0.3.1)
      polyglot (>= 0.3.1)
      polyglot (>= 0.3.1)
      polyglot (>= 0.3.1)
      polyglot (>= 0.3.1)
    twitter-bootstrap-rails (3.2.0)
      actionpack (~> 4.1)
      execjs (~> 2.2)
      rails (~> 4.1)
      railties (~> 4.1)
    tzinfo (1.2.2)
      thread_safe (~> 0.1)
    uglifier (2.5.3)
      execjs (>= 0.3.0)
      json (>= 1.8.0)
    underscore-rails (1.7.0)
    whenever (0.9.2)
      activesupport (>= 2.3.4)
      chronic (>= 0.6.3)

PLATFORMS
  ruby

DEPENDENCIES
  capistrano
  carrierwave
  coffee-rails (~> 4.0)
  daemons
  haml-rails
  highcharts-rails
  jquery-rails
  less-rails
  mini_magick
  mysql2
  nested_form
  protected_attributes
  rails (~> 4.1.5)
  rvm-capistrano
  sass-rails
  therubyracer (~> 0.12.1)
  thin
  twitter-bootstrap-rails
  uglifier (>= 1.0.3)
  underscore-rails
  whenever
